PATH
  remote: .
  specs:
    colorcode_convert_rgb (0.1.2)
      thor

GEM
  remote: https://rubygems.org/
  specs:
    minitest (5.14.2)
    rake (12.3.3)
    thor (1.0.1)

PLATFORMS
  ruby

DEPENDENCIES
  colorcode_convert_rgb!
  minitest (~> 5.0)
  rake (~> 12.0)

BUNDLED WITH
   2.1.2
